GEM
  remote: https://rubygems.org/
  specs:
    http (0.7.4)
      http-form_data (~> 1.0.0)
      http_parser.rb (~> 0.6.0)
    http-form_data (1.0.1)
    http_parser.rb (0.6.0)

PLATFORMS
  ruby

DEPENDENCIES
  http
